GEM
  specs:
    ffi (1.9.25)

PLATFORMS
  ruby

DEPENDENCIES
  ffi

BUNDLED WITH
   2.0.1
